PATH
  remote: .
  specs:
    penguin (0.1.0)
      rb_sys (~> 0.9.91)

GEM
  remote: https://rubygems.org/
  specs:
    aggregate_assertions (0.2.0)
      minitest (~> 5.0)
    base64 (0.3.0)
    benchmark-ips (2.14.0)
    bigdecimal (3.2.3)
    bson (5.1.1)
    date (3.4.1)
    debug (1.11.0)
      irb (~> 1.10)
      reline (>= 0.3.8)
    erb (5.0.2)
    io-console (0.8.1)
    irb (1.15.2)
      pp (>= 0.6.0)
      rdoc (>= 4.0.0)
      reline (>= 0.4.2)
    language_server-protocol (3.17.0.5)
    logger (1.7.0)
    minitest (5.25.5)
    pp (0.6.2)
      prettyprint
    prettyprint (0.2.0)
    prism (1.5.0)
    psych (5.2.6)
      date
      stringio
    rake (13.3.0)
    rake-compiler (1.3.0)
      rake
    rake-compiler-dock (1.9.1)
    rb_sys (0.9.117)
      rake-compiler-dock (= 1.9.1)
    rbs (3.9.5)
      logger
    rdoc (6.14.2)
      erb
      psych (>= 4.0.0)
    reline (0.6.2)
      io-console (~> 0.5)
    ruby-lsp (0.26.1)
      language_server-protocol (~> 3.17.0)
      prism (>= 1.2, < 2.0)
      rbs (>= 3, < 5)
    stringio (3.1.7)

PLATFORMS
  arm64-darwin-24
  ruby

DEPENDENCIES
  aggregate_assertions
  base64
  benchmark-ips (~> 2.14)
  bigdecimal
  bson (~> 5.1.1)
  debug
  irb
  minitest (~> 5.16)
  penguin!
  rake (~> 13.0)
  rake-compiler
  ruby-lsp

BUNDLED WITH
   2.7.1
